GEM
  remote: https://rubygems.org/
  specs:
    icalendar (2.7.0)
      ice_cube (~> 0.16)
    ice_cube (0.16.3)

PLATFORMS
  ruby

DEPENDENCIES
  icalendar (~> 2.7)

BUNDLED WITH
   2.1.4
