GEM
  remote: https://rubygems.org/
  specs:
    byebug (11.1.3)
    httparty (0.18.1)
      mime-types (~> 3.0)
      multi_xml (>= 0.5.2)
    icalendar (2.7.0)
      ice_cube (~> 0.16)
    ice_cube (0.16.3)
    mime-types (3.3.1)
      mime-types-data (~> 3.2015)
    mime-types-data (3.2020.0512)
    mini_portile2 (2.4.0)
    multi_xml (0.6.0)
    nokogiri (1.10.10)
      mini_portile2 (~> 2.4.0)

PLATFORMS
  ruby

DEPENDENCIES
  byebug (~> 11.1)
  httparty (~> 0.18.1)
  icalendar (~> 2.7)
  nokogiri (~> 1.10)

BUNDLED WITH
   2.1.4
